GEM
  remote: https://rubygems.org/
  specs:
    actioncable (6.1.3)
      actionpack (= 6.1.3)
      nio4r (~> 2.0)
      websocket-driver (>= 0.6.1)

PLATFORMS
  ruby

DEPENDENCIES
  rails (~> 6.1.3)
  pg (~> 1.1)
  puma (~> 5.0)

RUBY VERSION
   ruby 3.0.0p0

BUNDLED WITH
   2.2.3
