GEM
  remote: https://rubygems.org/
  specs:
    actioncable (6.1.4.1)
      actionpack (= 6.1.4.1)
    actionmailer (6.1.4.1)
      actionpack (= 6.1.4.1)
    actionpack (6.1.4.1)
      activesupport (= 6.1.4.1)
    actiontext (6.1.4.1)
      actionpack (= 6.1.4.1)
    actionview (6.1.4.1)
      activesupport (= 6.1.4.1)
    activejob (6.1.4.1)
      activesupport (= 6.1.4.1)
    activemodel (6.1.4.1)
      activesupport (= 6.1.4.1)
    activerecord (6.1.4.1)
      activesupport (= 6.1.4.1)
    activestorage (6.1.4.1)
      actionpack (= 6.1.4.1)
    activesupport (6.1.4.1)
    nio4r (2.5.2)
    websocket-driver (0.7.1)
      websocket-extensions (>= 0.1.0)
    websocket-extensions (0.1.5)

PLATFORMS
  ruby

DEPENDENCIES
  rails (= 6.1.4.1)
  pg (~> 1.1)
  puma (~> 5.0)

RUBY VERSION
   ruby 3.0.0p0

BUNDLED WITH
   2.2.3
